PATH
  remote: .
  specs:
    flix4r (0.2.4)
      activesupport (~> 3.1.3)
      api_cache (~> 0.2.3)
      crack (~> 0.3.1)
      i18n (~> 0.6.0)
      json (~> 1.6.3)
      nokogiri (>= 1.5, < 1.14)
      ruby-hmac (~> 0.4.0)
      ruby-openid (~> 2.1.8)

GEM
  remote: http://rubygems.org/
  specs:
    activesupport (3.1.12)
      multi_json (~> 1.0)
    api_cache (0.2.3)
    crack (0.3.2)
    i18n (0.6.11)
    json (1.6.8)
    metaclass (0.0.1)
    mini_portile2 (2.8.0)
    mocha (0.10.0)
      metaclass (~> 0.0.1)
    multi_json (1.15.0)
    nokogiri (1.13.6)
      mini_portile2 (~> 2.8.0)
      racc (~> 1.4)
    racc (1.6.0)
    rake (12.3.3)
    ruby-hmac (0.4.0)
    ruby-openid (2.1.8)
    shoulda (2.11.3)

PLATFORMS
  ruby

DEPENDENCIES
  flix4r!
  mocha
  rake
  shoulda
