PATH
  remote: .
  specs:
    flix4r (0.2.4)
      activesupport (~> 3.1.3)
      api_cache (~> 0.2.3)
      crack (~> 0.3.1)
      json (~> 1.6.3)
      nokogiri (~> 1.5.0)
      ruby-hmac (~> 0.4.0)
      ruby-openid (~> 2.1.8)

GEM
  remote: http://rubygems.org/
  specs:
    activesupport (3.1.3)
      multi_json (~> 1.0)
    api_cache (0.2.3)
    crack (0.3.1)
    json (1.6.3)
    multi_json (1.0.4)
    nokogiri (1.5.0)
    rake (0.9.2.2)
    ruby-hmac (0.4.0)
    ruby-openid (2.1.8)

PLATFORMS
  ruby

DEPENDENCIES
  flix4r!
  rake
